GEM
  specs:
    jekyll-paginate (1.1.0)
    redcarpet (3.3.3)

PLATFORMS
  ruby

DEPENDENCIES
  jekyll-paginate
  redcarpet

BUNDLED WITH
   1.10.6
